GIT
  remote: https://github.com/shogo4405/danger-privacymanifest
  revision: 64757a8dd2d121a7996738d1cbc58fdfc0b297a8
  specs:
    danger-privacymanifest (0.0.1)
      danger-plugin-api (~> 1.0)

GEM
  remote: https://rubygems.org/
  specs:
    CFPropertyList (3.0.7)
      base64
      nkf
      rexml
    activesupport (7.1.5.1)
      base64
      benchmark (>= 0.3)
      bigdecimal
      concurrent-ruby (~> 1.0, >= 1.0.2)
      connection_pool (>= 2.2.5)
      drb
      i18n (>= 1.6, < 2)
      logger (>= 1.4.2)
      minitest (>= 5.1)
      mutex_m
      securerandom (>= 0.3)
      tzinfo (~> 2.0)
    addressable (2.8.7)
      public_suffix (>= 2.0.2, < 7.0)
    algoliasearch (1.27.5)
      httpclient (~> 2.8, >= 2.8.3)
      json (>= 1.5.1)
    ast (2.4.3)
    atomos (0.1.3)
    babosa (1.0.4)
    base64 (0.2.0)
    benchmark (0.4.0)
    bigdecimal (3.1.9)
    capybara (2.4.4)
      mime-types (>= 1.16)
      nokogiri (>= 1.3.3)
      rack (>= 1.0.0)
      rack-test (>= 0.5.4)
      xpath (~> 2.0)
    claide (1.1.0)
    claide-plugins (0.9.2)
      cork
      nap
      open4 (~> 1.3)
    cliver (0.3.2)
    cocoapods (1.16.2)
      addressable (~> 2.8)
      claide (>= 1.0.2, < 2.0)
      cocoapods-core (= 1.16.2)
      cocoapods-deintegrate (>= 1.0.3, < 2.0)
      cocoapods-downloader (>= 2.1, < 3.0)
      cocoapods-plugins (>= 1.0.0, < 2.0)
      cocoapods-search (>= 1.0.0, < 2.0)
      cocoapods-trunk (>= 1.6.0, < 2.0)
      cocoapods-try (>= 1.1.0, < 2.0)
      colored2 (~> 3.1)
      escape (~> 0.0.4)
      fourflusher (>= 2.3.0, < 3.0)
      gh_inspector (~> 1.0)
      molinillo (~> 0.8.0)
      nap (~> 1.0)
      ruby-macho (>= 2.3.0, < 3.0)
      xcodeproj (>= 1.27.0, < 2.0)
    cocoapods-core (1.16.2)
      activesupport (>= 5.0, < 8)
      addressable (~> 2.8)
      algoliasearch (~> 1.0)
      concurrent-ruby (~> 1.1)
      fuzzy_match (~> 2.0.4)
      nap (~> 1.0)
      netrc (~> 0.11)
      public_suffix (~> 4.0)
      typhoeus (~> 1.0)
    cocoapods-deintegrate (1.0.5)
    cocoapods-downloader (2.1)
    cocoapods-plugins (1.0.0)
      nap
    cocoapods-search (1.0.1)
    cocoapods-trunk (1.6.0)
      nap (>= 0.8, < 2.0)
      netrc (~> 0.11)
    cocoapods-try (1.2.0)
    colored (1.2)
    colored2 (3.1.2)
    commander (4.2.1)
      highline (~> 1.6.11)
    concurrent-ruby (1.3.5)
    connection_pool (2.5.3)
    cork (0.3.0)
      colored2 (~> 3.1)
    credentials_manager (0.2.1)
      colored
      highline
      security
    danger (9.5.1)
      base64 (~> 0.2)
      claide (~> 1.0)
      claide-plugins (>= 0.9.2)
      colored2 (~> 3.1)
      cork (~> 0.1)
      faraday (>= 0.9.0, < 3.0)
      faraday-http-cache (~> 2.0)
      git (~> 1.13)
      kramdown (~> 2.3)
      kramdown-parser-gfm (~> 1.0)
      octokit (>= 4.0)
      pstore (~> 0.1)
      terminal-table (>= 1, < 4)
    danger-plugin-api (1.0.0)
      danger (> 2.0)
    deliver (0.8.1)
      excon
      fastimage (~> 1.6.3)
      fastlane_core (>= 0.2.0)
      nokogiri (~> 1.6.5)
      plist (~> 3.1.0)
      prawn
      rubyzip (~> 1.1.6)
    drb (2.2.1)
    escape (0.0.4)
    ethon (0.16.0)
      ffi (>= 1.15.0)
    excon (0.112.0)
    faraday (1.10.4)
      faraday-em_http (~> 1.0)
      faraday-em_synchrony (~> 1.0)
      faraday-excon (~> 1.1)
      faraday-httpclient (~> 1.0)
      faraday-multipart (~> 1.0)
      faraday-net_http (~> 1.0)
      faraday-net_http_persistent (~> 1.0)
      faraday-patron (~> 1.0)
      faraday-rack (~> 1.0)
      faraday-retry (~> 1.0)
      ruby2_keywords (>= 0.0.4)
    faraday-em_http (1.0.0)
    faraday-em_synchrony (1.0.0)
    faraday-excon (1.1.0)
    faraday-http-cache (2.5.1)
      faraday (>= 0.8)
    faraday-httpclient (1.0.1)
    faraday-multipart (1.1.0)
      multipart-post (~> 2.0)
    faraday-net_http (1.0.2)
    faraday-net_http_persistent (1.2.0)
    faraday-patron (1.0.0)
    faraday-rack (1.0.0)
    faraday-retry (1.0.3)
    fastimage (1.6.8)
      addressable (~> 2.3, >= 2.3.5)
    fastlane (0.0.1)
      capybara (~> 2.4.3)
      colored
      commander (~> 4.2.0)
      deliver
      highline (~> 1.6.21)
      json
      poltergeist (~> 1.5.1)
      security (~> 0.1.3)
    fastlane_core (0.3.4)
      babosa
      capybara (~> 2.4.3)
      colored
      commander (>= 4.1.0)
      credentials_manager (>= 0.1.3)
      highline
      json
      multi_json
      phantomjs (~> 1.9.8)
      poltergeist (~> 1.5.1)
    ffi (1.17.2-arm64-darwin)
    ffi (1.17.2-x86_64-linux-gnu)
    fourflusher (2.3.1)
    fuzzy_match (2.0.4)
    gh_inspector (1.1.3)
    git (1.19.1)
      addressable (~> 2.8)
      rchardet (~> 1.8)
    highline (1.6.21)
    httpclient (2.9.0)
      mutex_m
    i18n (1.14.7)
      concurrent-ruby (~> 1.0)
    json (2.12.2)
    kramdown (2.5.1)
      rexml (>= 3.3.9)
    kramdown-parser-gfm (1.1.0)
      kramdown (~> 2.0)
    language_server-protocol (3.17.0.5)
    lint_roller (1.1.0)
    logger (1.7.0)
    matrix (0.4.2)
    mime-types (3.7.0)
      logger
      mime-types-data (~> 3.2025, >= 3.2025.0507)
    mime-types-data (3.2025.0520)
    mini_portile2 (2.1.0)
    minitest (5.25.5)
    molinillo (0.8.0)
    multi_json (1.15.0)
    multipart-post (2.4.1)
    mutex_m (0.3.0)
    nanaimo (0.4.0)
    nap (1.1.0)
    netrc (0.11.0)
    nkf (0.2.0)
    nokogiri (1.6.8.1)
      mini_portile2 (~> 2.1.0)
    octokit (10.0.0)
      faraday (>= 1, < 3)
      sawyer (~> 0.9)
    open4 (1.3.4)
    parallel (1.27.0)
    parser (3.3.8.0)
      ast (~> 2.4.1)
      racc
    pdf-core (0.10.0)
    phantomjs (1.9.8.0)
    plist (3.1.0)
    poltergeist (1.5.1)
      capybara (~> 2.1)
      cliver (~> 0.3.1)
      multi_json (~> 1.0)
      websocket-driver (>= 0.2.0)
    prawn (2.5.0)
      matrix (~> 0.4)
      pdf-core (~> 0.10.0)
      ttfunk (~> 1.8)
    prism (1.4.0)
    pstore (0.2.0)
    public_suffix (4.0.7)
    racc (1.8.1)
    rack (3.1.16)
    rack-test (2.2.0)
      rack (>= 1.3)
    rainbow (3.1.1)
    rchardet (1.9.0)
    regexp_parser (2.10.0)
    rexml (3.4.1)
    rubocop (1.76.0)
      json (~> 2.3)
      language_server-protocol (~> 3.17.0.2)
      lint_roller (~> 1.1.0)
      parallel (~> 1.10)
      parser (>= 3.3.0.2)
      rainbow (>= 2.2.2, < 4.0)
      regexp_parser (>= 2.9.3, < 3.0)
      rubocop-ast (>= 1.45.0, < 2.0)
      ruby-progressbar (~> 1.7)
      unicode-display_width (>= 2.4.0, < 4.0)
    rubocop-ast (1.45.0)
      parser (>= 3.3.7.2)
      prism (~> 1.4)
    ruby-macho (2.5.1)
    ruby-progressbar (1.13.0)
    ruby2_keywords (0.0.5)
    rubyzip (1.1.7)
    sawyer (0.9.2)
      addressable (>= 2.3.5)
      faraday (>= 0.17.3, < 3)
    securerandom (0.3.2)
    security (0.1.5)
    terminal-table (1.6.0)
    ttfunk (1.8.0)
      bigdecimal (~> 3.1)
    typhoeus (1.4.1)
      ethon (>= 0.9.0)
    tzinfo (2.0.6)
      concurrent-ruby (~> 1.0)
    unicode-display_width (3.1.4)
      unicode-emoji (~> 4.0, >= 4.0.4)
    unicode-emoji (4.0.4)
    websocket-driver (0.7.7)
      base64
      websocket-extensions (>= 0.1.0)
    websocket-extensions (0.1.5)
    xcodeproj (1.27.0)
      CFPropertyList (>= 2.3.3, < 4.0)
      atomos (~> 0.1.3)
      claide (>= 1.0.2, < 2.0)
      colored2 (~> 3.1)
      nanaimo (~> 0.4.0)
      rexml (>= 3.3.6, < 4.0)
    xpath (2.1.0)
      nokogiri (~> 1.3)

PLATFORMS
  arm64-darwin-23
  x86_64-linux

DEPENDENCIES
  cocoapods
  danger
  danger-privacymanifest!
  fastlane
  rubocop

BUNDLED WITH
   2.2.33
